PATH
  remote: .
  specs:
    mailchimp_templates (0.0.1)
      foreman
      gibbon
      html2haml
      rake

GEM
  remote: https://rubygems.org/
  specs:
    erubis (2.7.0)
    foreman (0.62.0)
      thor (>= 0.13.6)
    gibbon (0.4.6)
      httparty
      multi_json (>= 1.3.4)
    haml (4.0.1.rc.1)
      tilt
    hpricot (0.8.6)
    html2haml (1.0.1)
      erubis (~> 2.7.0)
      haml (>= 4.0.0.rc.1)
      hpricot (~> 0.8.6)
      ruby_parser (~> 3.1.1)
    httparty (0.10.2)
      multi_json (~> 1.0)
      multi_xml (>= 0.5.2)
    multi_json (1.6.1)
    multi_xml (0.5.3)
    rake (10.0.3)
    ruby_parser (3.1.1)
      sexp_processor (~> 4.1)
    sexp_processor (4.1.5)
    thor (0.17.0)
    tilt (1.3.5)

PLATFORMS
  ruby

DEPENDENCIES
  mailchimp_templates!
